GIT
  remote: git://github.com/JangoSteve/mongoid_phone_number.git
  revision: 3f58cd0dfd48f3f1e65d31f905a8c6f8a242f2b1
  branch: activesupport-dependency
  specs:
    mongoid_phone_number (0.0.1)
      activesupport (>= 3.0.0)
      bson_ext

GIT
  remote: git://github.com/JangoSteve/mongoid_touch.git
  revision: 9b36234c2ab44a3a3ab65172493133b39a9ae6cb
  branch: activesupport-dependency
  specs:
    mongoid_touch (0.0.1)
      activesupport (>= 3.0.0)
      mongoid (~> 2.0)

GIT
  remote: git://github.com/JangoSteve/rspec-cells.git
  revision: f4435e0a042d9f432ec4c9a7bdb95de8f251ac8a
  branch: rails-dependency
  specs:
    rspec-cells (0.0.5)
      cells (~> 3.4)
      rails (>= 3.0)
      rspec-rails (~> 2.2)

GIT
  remote: git://github.com/bdimcheff/iso_countries.git
  revision: 7980c0c1c541124b34319bd02762ef0995e13559
  specs:
    iso_countries (0.2.1)
      iso_country_codes (~> 0.2.2)

GIT
  remote: git://github.com/znz/rmagick.git
  revision: 27ceb27990ef5d55a3768274a774bba2512bd66b
  branch: pkg_config
  specs:
    rmagick (0.0.0)

GEM
  remote: http://rubygems.org/
  specs:
    Ascii85 (1.0.1)
    actionmailer (3.2.19)
      actionpack (= 3.2.19)
      mail (~> 2.5.4)
    actionpack (3.2.19)
      activemodel (= 3.2.19)
      activesupport (= 3.2.19)
      builder (~> 3.0.0)
      erubis (~> 2.7.0)
      journey (~> 1.0.4)
      rack (~> 1.4.5)
      rack-cache (~> 1.2)
      rack-test (~> 0.6.1)
      sprockets (~> 2.2.1)
    activemodel (3.2.19)
      activesupport (= 3.2.19)
      builder (~> 3.0.0)
    activerecord (3.2.19)
      activemodel (= 3.2.19)
      activesupport (= 3.2.19)
      arel (~> 3.0.2)
      tzinfo (~> 0.3.29)
    activeresource (3.2.19)
      activemodel (= 3.2.19)
      activesupport (= 3.2.19)
    activesupport (3.2.19)
      i18n (~> 0.6, >= 0.6.4)
      multi_json (~> 1.0)
    addressable (2.2.6)
    airbrake (4.0.0)
      builder
      multi_json
    arel (3.0.3)
    basic_active_model (1.0.0)
    bcrypt (3.1.7)
    bcrypt-ruby (3.1.5)
      bcrypt (>= 3.1.3)
    bson (1.9.2)
    bson_ext (1.9.2)
      bson (~> 1.9.2)
    builder (3.0.4)
    canable (0.3.0)
    capistrano (3.2.1)
      i18n
      rake (>= 10.0.0)
      sshkit (~> 1.3)
    capistrano-bundler (1.0.0)
      capistrano (>= 3.0.0.pre)
    capistrano-rails (1.0.0)
      capistrano
    capistrano-rvm (0.1.1)
      capistrano (~> 3.0)
      sshkit (~> 1.2)
    capybara (1.1.2)
      mime-types (>= 1.16)
      nokogiri (>= 1.3.3)
      rack (>= 1.0.0)
      rack-test (>= 0.5.4)
      selenium-webdriver (~> 2.0)
      xpath (~> 0.1.4)
    carrierwave (0.5.7)
      activesupport (~> 3.0)
    carrierwave-mongoid (0.1.2)
      carrierwave (>= 0.5.6)
      mongoid (~> 2.1)
    cells (3.7.1)
      actionpack (~> 3.0)
      railties (~> 3.0)
    charlock_holmes (0.6.9.4)
    childprocess (0.3.1)
      ffi (~> 1.0.6)
    chronic (0.10.2)
    chronic_duration (0.9.6)
      numerizer (~> 0.1.1)
    chunky_png (1.3.1)
    coffee-rails (3.2.2)
      coffee-script (>= 2.2.0)
      railties (~> 3.2.0)
    coffee-script (2.2.0)
      coffee-script-source
      execjs
    coffee-script-source (1.7.0)
    compass (0.12.2)
      chunky_png (~> 1.2)
      fssm (>= 0.2.7)
      sass (~> 3.1)
    compass-rails (1.1.7)
      compass (>= 0.12.2)
      sprockets (<= 2.11.0)
    daemons (1.1.9)
    dalli (2.6.4)
    database_cleaner (0.6.7)
    decoder (0.8.1)
    delayed_job (3.0.5)
      activesupport (~> 3.0)
    delayed_job_mongoid (1.1.0)
      delayed_job (~> 3.0)
      mongo (~> 1.6)
      mongoid (>= 2.0)
    devise (2.0.6)
      bcrypt-ruby (~> 3.0)
      orm_adapter (~> 0.0.3)
      railties (~> 3.1)
      warden (~> 1.1.1)
    diff-lcs (1.1.3)
    email_validator (1.5.0)
      activemodel
    erubis (2.7.0)
    eventmachine (0.12.10)
    excon (0.33.0)
    execjs (2.0.2)
    fabrication (1.1.0)
    ffi (1.0.11)
    fog (1.22.0)
      fog-brightbox
      fog-core (~> 1.21, >= 1.21.1)
      fog-json
      nokogiri (~> 1.5, >= 1.5.11)
    fog-brightbox (0.0.2)
      fog-core
      fog-json
    fog-core (1.22.0)
      builder
      excon (~> 0.33)
      formatador (~> 0.2)
      mime-types
      net-scp (~> 1.1)
      net-ssh (>= 2.1.3)
    fog-json (1.0.0)
      multi_json (~> 1.0)
    foreman (0.26.1)
      term-ansicolor (~> 1.0.5)
      thor (>= 0.13.6)
    formatador (0.2.4)
    formtastic (2.1.1)
      actionpack (~> 3.0)
    fssm (0.2.10)
    fuubar (0.0.6)
      rspec (~> 2.0)
      rspec-instafail (~> 0.1.8)
      ruby-progressbar (~> 0.0.10)
    haml (4.0.5)
      tilt
    haml-rails (0.4)
      actionpack (>= 3.1, < 4.1)
      activesupport (>= 3.1, < 4.1)
      haml (>= 3.1, < 4.1)
      railties (>= 3.1, < 4.1)
    hike (1.2.3)
    hirb (0.6.0)
    hpricot (0.8.6)
    httparty (0.8.1)
      multi_json
      multi_xml
    i18n (0.6.11)
    iso_country_codes (0.2.2)
    journey (1.0.4)
    jquery-rails (2.1.4)
      railties (>= 3.0, < 5.0)
      thor (>= 0.14, < 2.0)
    json (1.8.1)
    kronic (1.1.3)
    launchy (2.0.5)
      addressable (~> 2.2.6)
    letter_opener (1.0.0)
      launchy (>= 2.0.4)
    libv8 (3.16.14.7)
    loofah (2.0.0)
      nokogiri (>= 1.5.9)
    mail (2.5.4)
      mime-types (~> 1.16)
      treetop (~> 1.4.8)
    mime-types (1.25.1)
    mini_portile (0.6.0)
    model_un (0.2.1)
    mongo (1.9.2)
      bson (~> 1.9.2)
    mongoid (2.8.1)
      activemodel (~> 3.1)
      mongo (~> 1.9)
      tzinfo (~> 0.3.22)
    mongoid_taggable_with_context (0.8.1)
      mongoid (>= 2.0.0)
    multi_json (1.10.1)
    multi_xml (0.4.1)
    mustache (0.99.4)
    net-scp (1.2.1)
      net-ssh (>= 2.6.5)
    net-ssh (2.9.0)
    newrelic_rpm (3.9.0.229)
    nokogiri (1.6.3.1)
      mini_portile (= 0.6.0)
    numerizer (0.1.1)
    orm_adapter (0.0.7)
    pdf-reader (0.10.0)
      Ascii85 (~> 1.0.0)
    polyglot (0.3.5)
    prawn (0.12.0)
      pdf-reader (>= 0.9.0)
      ttfunk (~> 1.0.2)
    prawnto_2 (0.1.1)
      prawn (>= 0.12.0)
      rails (>= 3.1)
    rack (1.4.5)
    rack-cache (1.2)
      rack (>= 0.4)
    rack-ssl (1.3.4)
      rack
    rack-test (0.6.2)
      rack (>= 1.0)
    rails (3.2.19)
      actionmailer (= 3.2.19)
      actionpack (= 3.2.19)
      activerecord (= 3.2.19)
      activeresource (= 3.2.19)
      activesupport (= 3.2.19)
      bundler (~> 1.0)
      railties (= 3.2.19)
    rails_autolink (1.1.5)
      rails (> 3.1)
    railties (3.2.19)
      actionpack (= 3.2.19)
      activesupport (= 3.2.19)
      rack-ssl (~> 1.3.2)
      rake (>= 0.8.7)
      rdoc (~> 3.4)
      thor (>= 0.14.6, < 2.0)
    rake (10.4.2)
    rdoc (3.12.2)
      json (~> 1.4)
    ref (1.0.5)
    responders (0.6.4)
    rspec (2.7.0)
      rspec-core (~> 2.7.0)
      rspec-expectations (~> 2.7.0)
      rspec-mocks (~> 2.7.0)
    rspec-core (2.7.1)
    rspec-expectations (2.7.0)
      diff-lcs (~> 1.1.2)
    rspec-instafail (0.1.8)
    rspec-mocks (2.7.0)
    rspec-rails (2.7.0)
      actionpack (~> 3.0)
      activesupport (~> 3.0)
      railties (~> 3.0)
      rspec (~> 2.7.0)
    ruby-progressbar (0.0.10)
    ruby2ruby (1.3.0)
      ruby_parser (~> 2.0)
      sexp_processor (~> 3.0)
    ruby_parser (2.0.5)
      sexp_processor (~> 3.0)
    rubyzip (0.9.7)
    sass (3.2.12)
    sass-rails (3.2.6)
      railties (~> 3.2.0)
      sass (>= 3.1.10)
      tilt (~> 1.3)
    selenium-webdriver (2.20.0)
      childprocess (>= 0.2.5)
      ffi (~> 1.0)
      multi_json (~> 1.0)
      rubyzip
    sexp_processor (3.0.9)
    shoulda-matchers (1.0.0.beta3)
    simplecov (0.4.2)
      simplecov-html (~> 0.4.4)
    simplecov-html (0.4.5)
    sinatra (1.2.6)
      rack (~> 1.1)
      tilt (>= 1.2.2, < 2.0)
    sprockets (2.2.2)
      hike (~> 1.2)
      multi_json (~> 1.0)
      rack (~> 1.0)
      tilt (~> 1.1, != 1.3.0)
    sshkit (1.4.0)
      net-scp (>= 1.1.2)
      net-ssh (>= 2.8.0)
      term-ansicolor
    tabs_on_rails (2.2.0)
    term-ansicolor (1.0.7)
    therubyracer (0.12.0)
      libv8 (~> 3.16.14.0)
      ref
    thin (1.2.11)
      daemons (>= 1.0.9)
      eventmachine (>= 0.12.6)
      rack (>= 1.0.0)
    thor (0.19.1)
    tilt (1.4.1)
    timecop (0.3.5)
    tinymce-rails (3.5.8.3)
      railties (>= 3.1.1)
    treetop (1.4.15)
      polyglot
      polyglot (>= 0.3.1)
    ttfunk (1.0.2)
    twilio (3.1.0)
      builder (>= 2.1.2)
      httparty (~> 0.8)
    tzinfo (0.3.40)
    uglifier (1.0.3)
      execjs (>= 0.3.0)
      multi_json (>= 1.0.2)
    us_states_select (1.0.0)
    warden (1.1.1)
      rack (>= 1.0)
    watchr (0.7)
    xpath (0.1.4)
      nokogiri (~> 1.3)

PLATFORMS
  ruby

DEPENDENCIES
  airbrake
  basic_active_model
  bson_ext
  canable
  capistrano
  capistrano-bundler
  capistrano-rails
  capistrano-rvm
  capybara
  carrierwave
  carrierwave-mongoid
  cells (~> 3.7.1)
  charlock_holmes
  chronic
  chronic_duration
  coffee-rails
  compass-rails
  daemons
  dalli
  database_cleaner
  decoder
  delayed_job_mongoid
  devise (~> 2.0.6)
  email_validator
  fabrication
  fog
  foreman (= 0.26.1)
  formtastic (= 2.1.1)
  fuubar
  haml-rails
  hirb
  hpricot (= 0.8.6)
  iso_countries!
  jquery-rails (= 2.1.4)
  kronic
  launchy
  letter_opener
  loofah
  model_un
  mongoid (~> 2.8)
  mongoid_phone_number!
  mongoid_taggable_with_context
  mongoid_touch!
  mustache
  newrelic_rpm
  nokogiri
  prawn
  prawnto_2
  rack-test (~> 0.6.1)
  rails (= 3.2.19)
  rails_autolink
  responders
  rmagick!
  rspec-cells!
  rspec-rails (~> 2.7.0)
  ruby2ruby (= 1.3.0)
  ruby_parser (= 2.0.5)
  sass (~> 3.2)
  sass-rails
  shoulda-matchers
  simplecov
  sinatra
  tabs_on_rails
  therubyracer
  thin
  timecop
  tinymce-rails (= 3.5.8.3)
  twilio
  uglifier
  us_states_select
  watchr
